PATH
  remote: .
  specs:
    bcdice (3.15.0)
      i18n (~> 1.8.5)
      racc (~> 1.7.3)

GEM
  remote: https://rubygems.org/
  specs:
    ast (2.4.3)
    concurrent-ruby (1.3.5)
    docile (1.4.1)
    i18n (1.8.11)
      concurrent-ruby (~> 1.0)
    json (2.13.1)
    language_server-protocol (3.17.0.5)
    nkf (0.2.0)
    parallel (1.27.0)
    parser (3.3.9.0)
      ast (~> 2.4.1)
      racc
    power_assert (2.0.5)
    prism (1.4.0)
    racc (1.7.3)
    rainbow (3.1.1)
    rake (13.1.0)
    regexp_parser (2.10.0)
    rexml (3.4.1)
    rubocop (1.59.0)
      json (~> 2.3)
      language_server-protocol (>= 3.17.0)
      parallel (~> 1.10)
      parser (>= 3.2.2.4)
      rainbow (>= 2.2.2, < 4.0)
      regexp_parser (>= 1.8, < 3.0)
      rexml (>= 3.2.5, < 4.0)
      rubocop-ast (>= 1.30.0, < 2.0)
      ruby-progressbar (~> 1.7)
      unicode-display_width (>= 2.4.0, < 3.0)
    rubocop-ast (1.46.0)
      parser (>= 3.3.7.2)
      prism (~> 1.4)
    ruby-progressbar (1.13.0)
    simplecov (0.21.2)
      docile (~> 1.1)
      simplecov-html (~> 0.11)
      simplecov_json_formatter (~> 0.1)
    simplecov-cobertura (2.1.0)
      rexml
      simplecov (~> 0.19)
    simplecov-html (0.13.2)
    simplecov_json_formatter (0.1.4)
    test-unit (3.6.9)
      power_assert
    tomlrb (2.0.3)
    unicode-display_width (2.6.0)
    yard (0.9.37)

PLATFORMS
  x64-mingw-ucrt

DEPENDENCIES
  bcdice!
  nkf (~> 0.2.0)
  rake (~> 13.1.0)
  rubocop (~> 1.59.0)
  simplecov (~> 0.21.2)
  simplecov-cobertura (~> 2.1.0)
  test-unit (~> 3.6.1)
  tomlrb (~> 2.0.3)
  yard (~> 0.9.34)

BUNDLED WITH
   2.7.1
